GIT
  remote: https://github.com/projectblacklight/blacklight_oai_provider.git
  revision: 7728dba9a38ceb6165335dea817b23c416d82966
  ref: 7728dba
  specs:
    blacklight_oai_provider (7.0.2)
      blacklight (~> 7.0)
      oai (~> 1.2)
      rexml

GEM
  remote: https://rubygems.org/
  specs:
    aasm (5.5.0)
      concurrent-ruby (~> 1.0)
    actioncable (7.2.2.1)
      actionpack (= 7.2.2.1)
      activesupport (= 7.2.2.1)
      nio4r (~> 2.0)
      websocket-driver (>= 0.6.1)
      zeitwerk (~> 2.6)
    actionmailbox (7.2.2.1)
      actionpack (= 7.2.2.1)
      activejob (= 7.2.2.1)
      activerecord (= 7.2.2.1)
      activestorage (= 7.2.2.1)
      activesupport (= 7.2.2.1)
      mail (>= 2.8.0)
    actionmailer (7.2.2.1)
      actionpack (= 7.2.2.1)
      actionview (= 7.2.2.1)
      activejob (= 7.2.2.1)
      activesupport (= 7.2.2.1)
      mail (>= 2.8.0)
      rails-dom-testing (~> 2.2)
    actionpack (7.2.2.1)
      actionview (= 7.2.2.1)
      activesupport (= 7.2.2.1)
      nokogiri (>= 1.8.5)
      racc
      rack (>= 2.2.4, < 3.2)
      rack-session (>= 1.0.1)
      rack-test (>= 0.6.3)
      rails-dom-testing (~> 2.2)
      rails-html-sanitizer (~> 1.6)
      useragent (~> 0.16)
    actiontext (7.2.2.1)
      actionpack (= 7.2.2.1)
      activerecord (= 7.2.2.1)
      activestorage (= 7.2.2.1)
      activesupport (= 7.2.2.1)
      globalid (>= 0.6.0)
      nokogiri (>= 1.8.5)
    actionview (7.2.2.1)
      activesupport (= 7.2.2.1)
      builder (~> 3.1)
      erubi (~> 1.11)
      rails-dom-testing (~> 2.2)
      rails-html-sanitizer (~> 1.6)
    activejob (7.2.2.1)
      activesupport (= 7.2.2.1)
      globalid (>= 0.3.6)
    activemodel (7.2.2.1)
      activesupport (= 7.2.2.1)
    activerecord (7.2.2.1)
      activemodel (= 7.2.2.1)
      activesupport (= 7.2.2.1)
      timeout (>= 0.4.0)
    activerecord-import (2.1.0)
      activerecord (>= 4.2)
    activestorage (7.2.2.1)
      actionpack (= 7.2.2.1)
      activejob (= 7.2.2.1)
      activerecord (= 7.2.2.1)
      activesupport (= 7.2.2.1)
      marcel (~> 1.0)
    activesupport (7.2.2.1)
      base64
      benchmark (>= 0.3)
      bigdecimal
      concurrent-ruby (~> 1.0, >= 1.3.1)
      connection_pool (>= 2.2.5)
      drb
      i18n (>= 1.6, < 2)
      logger (>= 1.4.2)
      minitest (>= 5.1)
      securerandom (>= 0.3)
      tzinfo (~> 2.0, >= 2.0.5)
    addressable (2.8.7)
      public_suffix (>= 2.0.2, < 7.0)
    after_commit_everywhere (0.1.5)
      activerecord (>= 4.2)
    airrecord (1.0.12)
      faraday (>= 1.0, < 3.0)
      faraday-net_http_persistent
      net-http-persistent
    ast (2.4.2)
    aws-eventstream (1.3.1)
    aws-partitions (1.1050.0)
    aws-sdk-core (3.218.1)
      aws-eventstream (~> 1, >= 1.3.0)
      aws-partitions (~> 1, >= 1.992.0)
      aws-sigv4 (~> 1.9)
      base64
      jmespath (~> 1, >= 1.6.1)
    aws-sdk-kms (1.98.0)
      aws-sdk-core (~> 3, >= 3.216.0)
      aws-sigv4 (~> 1.5)
    aws-sdk-s3 (1.181.0)
      aws-sdk-core (~> 3, >= 3.216.0)
      aws-sdk-kms (~> 1)
      aws-sigv4 (~> 1.5)
    aws-sigv4 (1.11.0)
      aws-eventstream (~> 1, >= 1.0.2)
    base64 (0.2.0)
    bcp47_spec (0.2.1)
    bcrypt (3.1.20)
    benchmark (0.4.0)
    better_errors (2.10.1)
      erubi (>= 1.0.0)
      rack (>= 0.9.0)
      rouge (>= 1.0.0)
    better_html (2.1.1)
      actionview (>= 6.0)
      activesupport (>= 6.0)
      ast (~> 2.0)
      erubi (~> 1.4)
      parser (>= 2.4)
      smart_properties
    bigdecimal (3.1.9)
    bindex (0.8.1)
    binding_of_caller (1.0.1)
      debug_inspector (>= 1.2.0)
    blacklight (7.40.0)
      deprecation
      globalid
      hashdiff
      i18n (>= 1.7.0)
      jbuilder (~> 2.7)
      kaminari (>= 0.15)
      ostruct (>= 0.3.2)
      rails (>= 6.1, < 7.3)
      view_component (>= 2.74, < 4)
      zeitwerk
    bootsnap (1.18.4)
      msgpack (~> 1.2)
    browser (6.2.0)
    bugsnag (6.27.1)
      concurrent-ruby (~> 1.0)
    builder (3.3.0)
    byebug (11.1.3)
    capybara (3.40.0)
      addressable
      matrix
      mini_mime (>= 0.1.3)
      nokogiri (~> 1.11)
      rack (>= 1.6.0)
      rack-test (>= 0.6.3)
      regexp_parser (>= 1.5, < 3.0)
      xpath (~> 3.2)
    childprocess (5.1.0)
      logger (~> 1.5)
    cocoon (1.2.15)
    coderay (1.1.3)
    colorize (1.1.0)
    concurrent-ruby (1.3.5)
    connection_pool (2.5.0)
    content_disposition (1.0.0)
    crack (1.0.0)
      bigdecimal
      rexml
    crass (1.0.6)
    csv (3.3.2)
    database_cleaner (2.1.0)
      database_cleaner-active_record (>= 2, < 3)
    database_cleaner-active_record (2.2.0)
      activerecord (>= 5.a)
      database_cleaner-core (~> 2.0.0)
    database_cleaner-core (2.0.1)
    date (3.4.1)
    debug_inspector (1.2.0)
    deprecation (1.1.0)
      activesupport
    devise (4.9.4)
      bcrypt (~> 3.0)
      orm_adapter (~> 0.1)
      railties (>= 4.1.0)
      responders
      warden (~> 1.2.3)
    diff-lcs (1.6.0)
    diffy (3.4.3)
    docile (1.4.1)
    down (5.4.2)
      addressable (~> 2.8)
    drb (2.2.1)
    edtf (3.2.0)
      activesupport (>= 3.0, < 9.0)
    edtf-humanize (2.3.0)
      activesupport (>= 4)
      edtf (>= 2.3, < 4)
      roman (~> 0.2.0)
    erb_lint (0.9.0)
      activesupport
      better_html (>= 2.0.1)
      parser (>= 2.7.1.4)
      rainbow
      rubocop (>= 1)
      smart_properties
    erubi (1.13.1)
    factory_bot (6.5.1)
      activesupport (>= 6.1.0)
    factory_bot_rails (6.4.4)
      factory_bot (~> 6.5)
      railties (>= 5.0.0)
    faker (3.5.1)
      i18n (>= 1.8.11, < 2)
    faraday (1.9.0)
      faraday-em_http (~> 1.0)
      faraday-em_synchrony (~> 1.0)
      faraday-excon (~> 1.1)
      faraday-httpclient (< 3)
      faraday-multipart (~> 1.0)
      faraday-net_http (< 3)
      faraday-net_http_persistent (< 3)
      faraday-patron (< 3)
      faraday-rack (~> 1.0)
      faraday-retry (~> 1.0)
      ruby2_keywords (>= 0.0.4)
    faraday-em_http (1.0.0)
    faraday-em_synchrony (1.0.0)
    faraday-excon (1.1.0)
    faraday-follow_redirects (0.3.0)
      faraday (>= 1, < 3)
    faraday-httpclient (2.0.1)
      httpclient (>= 2.2)
    faraday-multipart (1.1.0)
      multipart-post (~> 2.0)
    faraday-net_http (2.1.0)
    faraday-net_http_persistent (2.0.2)
      faraday-net_http (< 3)
      net-http-persistent (~> 4.0)
    faraday-patron (2.0.1)
      patron (>= 0.4.2)
    faraday-rack (1.0.0)
    faraday-retry (1.0.3)
    ffi (1.17.1-aarch64-linux-gnu)
    ffi (1.17.1-aarch64-linux-musl)
    ffi (1.17.1-arm-linux-gnu)
    ffi (1.17.1-arm-linux-musl)
    ffi (1.17.1-arm64-darwin)
    ffi (1.17.1-x86_64-darwin)
    ffi (1.17.1-x86_64-linux-gnu)
    ffi (1.17.1-x86_64-linux-musl)
    figaro (1.2.0)
      thor (>= 0.14.0, < 2)
    flamegraph (0.9.5)
    flog (4.8.0)
      path_expander (~> 1.0)
      ruby_parser (~> 3.1, > 3.1.0)
      sexp_processor (~> 4.8)
    geocoder (1.8.5)
      base64 (>= 0.1.0)
      csv (>= 3.0.0)
    globalid (1.2.1)
      activesupport (>= 6.1)
    graphql (1.13.23)
      base64
    hashdiff (1.1.2)
    hashie (5.0.0)
    html_tokenizer (0.0.8)
    httpclient (2.9.0)
      mutex_m
    i18n (1.14.7)
      concurrent-ruby (~> 1.0)
    image_processing (1.14.0)
      mini_magick (>= 4.9.5, < 6)
      ruby-vips (>= 2.0.17, < 3)
    io-console (0.8.0)
    irb (1.15.1)
      pp (>= 0.6.0)
      rdoc (>= 4.0.0)
      reline (>= 0.4.2)
    jbuilder (2.13.0)
      actionview (>= 5.0.0)
      activesupport (>= 5.0.0)
    jmespath (1.6.2)
    jquery-rails (4.6.0)
      rails-dom-testing (>= 1, < 3)
      railties (>= 4.2.0)
      thor (>= 0.14, < 2.0)
    json (2.10.1)
    jsonb_accessor (1.3.10)
      activerecord (>= 5.0)
      activesupport (>= 5.0)
      pg (>= 0.18.1)
    jwt (2.10.1)
      base64
    kaminari (1.2.2)
      activesupport (>= 4.1.0)
      kaminari-actionview (= 1.2.2)
      kaminari-activerecord (= 1.2.2)
      kaminari-core (= 1.2.2)
    kaminari-actionview (1.2.2)
      actionview
      kaminari-core (= 1.2.2)
    kaminari-activerecord (1.2.2)
      activerecord
      kaminari-core (= 1.2.2)
    kaminari-core (1.2.2)
    language_server-protocol (3.17.0.4)
    launchy (3.1.0)
      addressable (~> 2.8)
      childprocess (~> 5.0)
      logger (~> 1.6)
    ldpath (1.2.0)
      nokogiri (~> 1.8)
      parslet
      rdf (~> 3.0)
      rdf-vocab (~> 3.0)
    link_header (0.0.8)
    lint_roller (1.1.0)
    listen (3.9.0)
      rb-fsevent (~> 0.10, >= 0.10.3)
      rb-inotify (~> 0.9, >= 0.9.10)
    logger (1.6.6)
    lograge (0.14.0)
      actionpack (>= 4)
      activesupport (>= 4)
      railties (>= 4)
      request_store (~> 1.0)
    lograge-sql (2.5.1)
      activerecord (>= 5, < 8.1)
      lograge (~> 0.11)
    loofah (2.24.0)
      crass (~> 1.0.2)
      nokogiri (>= 1.12.0)
    mail (2.8.1)
      mini_mime (>= 0.1.1)
      net-imap
      net-pop
      net-smtp
    mail_form (1.10.1)
      actionmailer (>= 5.2)
      activemodel (>= 5.2)
    marcel (1.0.4)
    matrix (0.4.2)
    memory_profiler (1.1.0)
    method_source (1.1.0)
    mini_magick (5.1.2)
      benchmark
      logger
    mini_mime (1.1.5)
    minitest (5.25.4)
    msgpack (1.8.0)
    multi_xml (0.7.1)
      bigdecimal (~> 3.1)
    multipart-post (2.4.1)
    mutex_m (0.3.0)
    net-http-persistent (4.0.5)
      connection_pool (~> 2.2)
    net-imap (0.5.6)
      date
      net-protocol
    net-pop (0.1.2)
      net-protocol
    net-protocol (0.2.2)
      timeout
    net-smtp (0.5.1)
      net-protocol
    niftany (0.12.0)
      colorize (~> 1.1.0)
      erb_lint (~> 0.9.0)
      rubocop (~> 1.72)
      rubocop-capybara (~> 2.21)
      rubocop-factory_bot (~> 2.26)
      rubocop-performance (~> 1.24)
      rubocop-rails (~> 2.30)
      rubocop-rspec (~> 3.5)
      rubocop-rspec_rails (~> 2.30)
      scss_lint (~> 0.60)
    nio4r (2.7.4)
    nokogiri (1.18.3-aarch64-linux-gnu)
      racc (~> 1.4)
    nokogiri (1.18.3-aarch64-linux-musl)
      racc (~> 1.4)
    nokogiri (1.18.3-arm-linux-gnu)
      racc (~> 1.4)
    nokogiri (1.18.3-arm-linux-musl)
      racc (~> 1.4)
    nokogiri (1.18.3-arm64-darwin)
      racc (~> 1.4)
    nokogiri (1.18.3-x86_64-darwin)
      racc (~> 1.4)
    nokogiri (1.18.3-x86_64-linux-gnu)
      racc (~> 1.4)
    nokogiri (1.18.3-x86_64-linux-musl)
      racc (~> 1.4)
    oai (1.2.1)
      builder (>= 3.1.0)
      faraday (< 3)
      faraday-follow_redirects (>= 0.3.0, < 2)
    oauth2 (2.0.9)
      faraday (>= 0.17.3, < 3.0)
      jwt (>= 1.0, < 3.0)
      multi_xml (~> 0.5)
      rack (>= 1.2, < 4)
      snaky_hash (~> 2.0)
      version_gem (~> 1.1)
    okcomputer (1.18.6)
    omniauth (2.1.2)
      hashie (>= 3.4.6)
      rack (>= 2.2.3)
      rack-protection
    omniauth-oauth2 (1.8.0)
      oauth2 (>= 1.4, < 3)
      omniauth (~> 2.0)
    omniauth-rails_csrf_protection (1.0.2)
      actionpack (>= 4.2)
      omniauth (~> 2.0)
    orm_adapter (0.5.0)
    ostruct (0.6.1)
    package_json (0.1.0)
    paper_trail (16.0.0)
      activerecord (>= 6.1)
      request_store (~> 1.4)
    parallel (1.26.3)
    parser (3.3.7.1)
      ast (~> 2.4.1)
      racc
    parslet (2.0.0)
    path_expander (1.1.3)
    patron (0.13.3)
    pg (1.5.9)
    pp (0.6.2)
      prettyprint
    prettyprint (0.2.0)
    pry (0.14.2)
      coderay (~> 1.1)
      method_source (~> 1.0)
    pry-byebug (3.10.1)
      byebug (~> 11.0)
      pry (>= 0.13, < 0.15)
    pry-rails (0.3.11)
      pry (>= 0.13.0)
    psu_identity (0.6.1)
      faraday (~> 1.0)
      json
      oauth2
      rake (>= 12.0)
    psych (3.3.4)
    public_suffix (6.0.1)
    puma (6.6.0)
      nio4r (~> 2.0)
    pundit (2.4.0)
      activesupport (>= 3.0.0)
    qa (5.14.0)
      activerecord-import
      deprecation
      faraday (< 3.0, != 2.0.0)
      geocoder
      ldpath
      nokogiri (~> 1.6)
      rails (>= 5.0, < 8.1)
      rdf
    racc (1.8.1)
    rack (2.2.11)
    rack-mini-profiler (3.3.1)
      rack (>= 1.2.0)
    rack-protection (3.2.0)
      base64 (>= 0.1.0)
      rack (~> 2.2, >= 2.2.4)
    rack-proxy (0.7.7)
      rack
    rack-session (1.0.2)
      rack (< 3)
    rack-test (2.2.0)
      rack (>= 1.3)
    rackup (1.0.1)
      rack (< 3)
      webrick
    rails (7.2.2.1)
      actioncable (= 7.2.2.1)
      actionmailbox (= 7.2.2.1)
      actionmailer (= 7.2.2.1)
      actionpack (= 7.2.2.1)
      actiontext (= 7.2.2.1)
      actionview (= 7.2.2.1)
      activejob (= 7.2.2.1)
      activemodel (= 7.2.2.1)
      activerecord (= 7.2.2.1)
      activestorage (= 7.2.2.1)
      activesupport (= 7.2.2.1)
      bundler (>= 1.15.0)
      railties (= 7.2.2.1)
    rails-controller-testing (1.0.5)
      actionpack (>= 5.0.1.rc1)
      actionview (>= 5.0.1.rc1)
      activesupport (>= 5.0.1.rc1)
    rails-dom-testing (2.2.0)
      activesupport (>= 5.0.0)
      minitest
      nokogiri (>= 1.6)
    rails-html-sanitizer (1.6.2)
      loofah (~> 2.21)
      nokogiri (>= 1.15.7, != 1.16.7, != 1.16.6, != 1.16.5, != 1.16.4, != 1.16.3, != 1.16.2, != 1.16.1, != 1.16.0.rc1, != 1.16.0)
    railties (7.2.2.1)
      actionpack (= 7.2.2.1)
      activesupport (= 7.2.2.1)
      irb (~> 1.13)
      rackup (>= 1.0.0)
      rake (>= 12.2)
      thor (~> 1.0, >= 1.2.2)
      zeitwerk (~> 2.6)
    rainbow (3.1.1)
    rake (13.2.1)
    rb-fsevent (0.11.2)
    rb-inotify (0.11.1)
      ffi (~> 1.0)
    rdf (3.3.2)
      bcp47_spec (~> 0.2)
      bigdecimal (~> 3.1, >= 3.1.5)
      link_header (~> 0.0, >= 0.0.8)
    rdf-vocab (3.3.2)
      rdf (~> 3.3)
    rdoc (6.3.4.1)
    recaptcha (5.19.0)
    redcarpet (3.6.0)
    redis (4.8.1)
    regexp_parser (2.10.0)
    reline (0.6.0)
      io-console (~> 0.5)
    request_store (1.7.0)
      rack (>= 1.4)
    responders (3.1.1)
      actionpack (>= 5.2)
      railties (>= 5.2)
    rexml (3.4.0)
    roda (3.89.0)
      rack
    roman (0.2.0)
    rouge (4.5.1)
    rsolr (2.6.0)
      builder (>= 2.1.2)
      faraday (>= 0.9, < 3, != 2.0.0)
    rspec (3.13.0)
      rspec-core (~> 3.13.0)
      rspec-expectations (~> 3.13.0)
      rspec-mocks (~> 3.13.0)
    rspec-core (3.13.3)
      rspec-support (~> 3.13.0)
    rspec-expectations (3.13.3)
      diff-lcs (>= 1.2.0, < 2.0)
      rspec-support (~> 3.13.0)
    rspec-its (2.0.0)
      rspec-core (>= 3.13.0)
      rspec-expectations (>= 3.13.0)
    rspec-mocks (3.13.2)
      diff-lcs (>= 1.2.0, < 2.0)
      rspec-support (~> 3.13.0)
    rspec-rails (7.0.2)
      actionpack (>= 7.0)
      activesupport (>= 7.0)
      railties (>= 7.0)
      rspec-core (~> 3.13)
      rspec-expectations (~> 3.13)
      rspec-mocks (~> 3.13)
      rspec-support (~> 3.13)
    rspec-support (3.13.2)
    rubocop (1.72.2)
      json (~> 2.3)
      language_server-protocol (~> 3.17.0.2)
      lint_roller (~> 1.1.0)
      parallel (~> 1.10)
      parser (>= 3.3.0.2)
      rainbow (>= 2.2.2, < 4.0)
      regexp_parser (>= 2.9.3, < 3.0)
      rubocop-ast (>= 1.38.0, < 2.0)
      ruby-progressbar (~> 1.7)
      unicode-display_width (>= 2.4.0, < 4.0)
    rubocop-ast (1.38.0)
      parser (>= 3.3.1.0)
    rubocop-capybara (2.21.0)
      rubocop (~> 1.41)
    rubocop-factory_bot (2.26.1)
      rubocop (~> 1.61)
    rubocop-performance (1.24.0)
      lint_roller (~> 1.1)
      rubocop (>= 1.72.1, < 2.0)
      rubocop-ast (>= 1.38.0, < 2.0)
    rubocop-rails (2.30.2)
      activesupport (>= 4.2.0)
      lint_roller (~> 1.1)
      rack (>= 1.1)
      rubocop (>= 1.72.1, < 2.0)
      rubocop-ast (>= 1.38.0, < 2.0)
    rubocop-rspec (3.5.0)
      lint_roller (~> 1.1)
      rubocop (~> 1.72, >= 1.72.1)
    rubocop-rspec_rails (2.30.0)
      rubocop (~> 1.61)
      rubocop-rspec (~> 3, >= 3.0.1)
    ruby-progressbar (1.13.0)
    ruby-vips (2.2.3)
      ffi (~> 1.12)
      logger
    ruby2_keywords (0.0.5)
    ruby_parser (3.21.1)
      racc (~> 1.5)
      sexp_processor (~> 4.16)
    rubyzip (2.3.2)
    sass (3.7.4)
      sass-listen (~> 4.0.0)
    sass-listen (4.0.0)
      rb-fsevent (~> 0.9, >= 0.9.4)
      rb-inotify (~> 0.9, >= 0.9.7)
    scss_lint (0.60.0)
      sass (~> 3.5, >= 3.5.5)
    securerandom (0.4.1)
    seedbank (0.5.0)
      rake (>= 10.0)
    selenium-webdriver (4.28.0)
      base64 (~> 0.2)
      logger (~> 1.4)
      rexml (~> 3.2, >= 3.2.5)
      rubyzip (>= 1.2.2, < 3.0)
      websocket (~> 1.0)
    semantic_range (3.1.0)
    sexp_processor (4.17.3)
    shakapacker (7.2.3)
      activesupport (>= 5.2)
      package_json
      rack-proxy (>= 0.6.1)
      railties (>= 5.2)
      semantic_range (>= 2.3.0)
    shoulda-matchers (4.5.1)
      activesupport (>= 4.2.0)
    shrine (3.6.0)
      content_disposition (~> 1.0)
      down (~> 5.1)
    sidekiq (6.5.12)
      connection_pool (>= 2.2.5, < 3)
      rack (~> 2.0)
      redis (>= 4.5.0, < 5)
    simplecov (0.17.1)
      docile (~> 1.1)
      json (>= 1.8, < 3)
      simplecov-html (~> 0.10.0)
    simplecov-html (0.10.2)
    smart_properties (1.17.0)
    snaky_hash (2.0.1)
      hashie
      version_gem (~> 1.1, >= 1.1.1)
    spring (4.2.1)
    spring-commands-rspec (1.0.4)
      spring (>= 0.9.1)
    spring-watcher-listen (2.1.0)
      listen (>= 2.7, < 4.0)
      spring (>= 4)
    sprockets (4.2.1)
      concurrent-ruby (~> 1.0)
      rack (>= 2.2.4, < 4)
    sprockets-rails (3.5.2)
      actionpack (>= 6.1)
      activesupport (>= 6.1)
      sprockets (>= 3.0.0)
    stackprof (0.2.27)
    thor (1.3.2)
    timecop (0.9.10)
    timeout (0.4.3)
    tzinfo (2.0.6)
      concurrent-ruby (~> 1.0)
    unicode-display_width (3.1.4)
      unicode-emoji (~> 4.0, >= 4.0.4)
    unicode-emoji (4.0.4)
    uppy-s3_multipart (0.3.4)
      aws-sdk-s3 (~> 1.0)
      content_disposition (~> 1.0)
      roda (>= 2.27, < 4)
    useragent (0.16.11)
    vcr (6.3.1)
      base64
    version_gem (1.1.4)
    view_component (3.21.0)
      activesupport (>= 5.2.0, < 8.1)
      concurrent-ruby (~> 1.0)
      method_source (~> 1.0)
    warden (1.2.9)
      rack (>= 2.0.9)
    web-console (4.2.1)
      actionview (>= 6.0.0)
      activemodel (>= 6.0.0)
      bindex (>= 0.4.0)
      railties (>= 6.0.0)
    webmock (3.25.0)
      addressable (>= 2.8.0)
      crack (>= 0.3.2)
      hashdiff (>= 0.4.0, < 2.0.0)
    webrick (1.9.1)
    websocket (1.2.11)
    websocket-driver (0.7.7)
      base64
      websocket-extensions (>= 0.1.0)
    websocket-extensions (0.1.5)
    xpath (3.2.0)
      nokogiri (~> 1.8)
    zeitwerk (2.7.1)

PLATFORMS
  aarch64-linux-gnu
  aarch64-linux-musl
  arm-linux-gnu
  arm-linux-musl
  arm64-darwin
  x86_64-darwin
  x86_64-linux-gnu
  x86_64-linux-musl

DEPENDENCIES
  aasm
  after_commit_everywhere (~> 0.1, >= 0.1.5)
  airrecord
  better_errors
  binding_of_caller
  blacklight (~> 7.38)
  blacklight_oai_provider!
  bootsnap (>= 1.4.2)
  browser
  bugsnag (~> 6.26)
  byebug
  capybara
  cocoon
  database_cleaner (~> 2.1.0)
  devise (> 4.8.0)
  diffy
  edtf
  edtf-humanize
  factory_bot_rails
  faker
  faraday (~> 1.0)
  figaro
  flamegraph
  flog
  graphql (~> 1.12)
  html_tokenizer (~> 0.0.8)
  image_processing
  jbuilder (~> 2.7)
  jquery-rails
  jsonb_accessor (~> 1.3.5)
  launchy
  listen (~> 3.3)
  lograge (~> 0.11)
  lograge-sql (~> 2.4)
  mail_form (~> 1.8)
  matrix
  memory_profiler
  mutex_m
  net-imap
  net-pop
  net-smtp
  niftany (~> 0.10)
  okcomputer (~> 1.18.0)
  omniauth (~> 2.0)
  omniauth-oauth2
  omniauth-rails_csrf_protection (~> 1.0)
  paper_trail (>= 15.1.0)
  pg (>= 0.18, < 2.0)
  pry-byebug
  pry-rails
  psu_identity (= 0.6.1)
  psych (< 4)
  puma (~> 6.5)
  pundit
  qa (>= 5.13)
  rack-mini-profiler
  rails (~> 7.2)
  rails-controller-testing
  recaptcha
  redcarpet (~> 3.5)
  rexml
  rsolr (>= 1.0, < 3)
  rspec (~> 3.13)
  rspec-its
  rspec-rails (~> 7.0.1)
  rubocop
  rubocop-performance
  rubocop-rails
  rubocop-rspec
  rubyzip (~> 2.3.0)
  seedbank
  selenium-webdriver
  shakapacker (~> 7.1)
  shoulda-matchers (~> 4.3)
  shrine (~> 3.3)
  sidekiq (~> 6.5)
  simplecov (~> 0.17.1)
  spring (>= 4.0.0)
  spring-commands-rspec
  spring-watcher-listen (>= 2.1.0)
  sprockets-rails
  stackprof
  timecop
  uppy-s3_multipart (~> 0.3)
  vcr
  view_component
  web-console (>= 3.3.0)
  webmock

RUBY VERSION
   ruby 3.4.1p0

BUNDLED WITH
   2.6.3
